PATH
  remote: .
  specs:
    surrealdb (0.1.0)
      websocket-client-simple (~> 0.6)

GEM
  remote: https://rubygems.org/
  specs:
    ast (2.4.2)
    event_emitter (0.2.6)
    json (2.6.1)
    minitest (5.16.3)
    parallel (1.22.1)
    parser (3.1.3.0)
      ast (~> 2.4.1)
    rainbow (3.1.1)
    rake (13.0.6)
    rbs (2.8.4)
    regexp_parser (2.6.1)
    rexml (3.2.5)
    rubocop (1.41.1)
      json (~> 2.3)
      parallel (~> 1.10)
      parser (>= 3.1.2.1)
      rainbow (>= 2.2.2, < 4.0)
      regexp_parser (>= 1.8, < 3.0)
      rexml (>= 3.2.5, < 4.0)
      rubocop-ast (>= 1.23.0, < 2.0)
      ruby-progressbar (~> 1.7)
      unicode-display_width (>= 1.4.0, < 3.0)
    rubocop-ast (1.24.0)
      parser (>= 3.1.1.0)
    ruby-progressbar (1.11.0)
    unicode-display_width (2.3.0)
    websocket (1.2.9)
    websocket-client-simple (0.6.0)
      event_emitter
      websocket

PLATFORMS
  ruby

DEPENDENCIES
  minitest (~> 5.0)
  rake (~> 13.0)
  rbs (~> 2.8)
  rubocop (~> 1.21)
  surrealdb!

BUNDLED WITH
   2.3.26
